GEM
  remote: https://rubygems.org/
  specs:
    json (2.1.0)
    jsonschema (2.0.2)
    rake (12.3.3)
    watchr (0.7)

PLATFORMS
  ruby

DEPENDENCIES
  json
  jsonschema
  rake
  watchr

BUNDLED WITH
   1.16.1
